GEM
  remote: https://rubygems.org/
  specs:
    diff-lcs (1.2.5)
    go_cd_feed (1.1.2)
      nokogiri
    highline (1.6.21)
    last_green_go_pipeline (1.2.4)
      go_cd_feed (~> 1.1)
    mini_portile (0.6.0)
    mustermann (1.1.1)
      ruby2_keywords (~> 0.0.1)
    nokogiri (1.6.3.1)
      mini_portile (= 0.6.0)
    rack (2.2.3)
    rack-protection (2.2.0)
      rack
    rspec (3.0.0)
      rspec-core (~> 3.0.0)
      rspec-expectations (~> 3.0.0)
      rspec-mocks (~> 3.0.0)
    rspec-core (3.0.2)
      rspec-support (~> 3.0.0)
    rspec-expectations (3.0.2)
      diff-lcs (>= 1.2.0, < 2.0)
      rspec-support (~> 3.0.0)
    rspec-mocks (3.0.2)
      rspec-support (~> 3.0.0)
    rspec-support (3.0.2)
    ruby2_keywords (0.0.5)
    sinatra (2.2.0)
      mustermann (~> 1.0)
      rack (~> 2.2)
      rack-protection (= 2.2.0)
      tilt (~> 2.0)
    tilt (2.0.10)

PLATFORMS
  ruby

DEPENDENCIES
  highline
  last_green_go_pipeline
  rspec
  sinatra
